PATH
  remote: .
  specs:
    vinquery (0.1.0)
      nokogiri (>= 1.4.4)

GEM
  remote: http://rubygems.org/
  specs:
    addressable (2.2.6)
    crack (0.1.8)
    diff-lcs (1.1.2)
    nokogiri (1.4.4)
    rspec (2.6.0)
      rspec-core (~> 2.6.0)
      rspec-expectations (~> 2.6.0)
      rspec-mocks (~> 2.6.0)
    rspec-core (2.6.3)
    rspec-expectations (2.6.0)
      diff-lcs (~> 1.1.2)
    rspec-mocks (2.6.0)
    vin_exploder (0.2.0)
    webmock (1.6.4)
      addressable (~> 2.2, > 2.2.5)
      crack (>= 0.1.7)

PLATFORMS
  ruby

DEPENDENCIES
  rspec (>= 2.6.0)
  vin_exploder (>= 0.2.0)
  vinquery!
  webmock (>= 1.6.4)
